GIT
  remote: git://github.com/heroku/rails_log_stdout.git
  revision: f9a92758f2d5dca5a88bf899a83256302f16ab6c
  specs:
    rails_log_stdout (0.0.1)

GIT
  remote: git://github.com/sporkrb/spork-rails.git
  revision: 0dd45e59d3237b4c8f9efc215b46d9c07072a95e
  specs:
    spork-rails (4.0.0)
      rails (>= 3.0.0, < 5)
      spork (>= 1.0rc0)

GEM
  remote: https://rubygems.org/
  specs:
    actionmailer (4.2.0)
      actionpack (= 4.2.0)
      actionview (= 4.2.0)
      activejob (= 4.2.0)
      mail (~> 2.5, >= 2.5.4)
      rails-dom-testing (~> 1.0, >= 1.0.5)
    actionpack (4.2.0)
      actionview (= 4.2.0)
      activesupport (= 4.2.0)
      rack (~> 1.6.0)
      rack-test (~> 0.6.2)
      rails-dom-testing (~> 1.0, >= 1.0.5)
      rails-html-sanitizer (~> 1.0, >= 1.0.1)
    actionview (4.2.0)
      activesupport (= 4.2.0)
      builder (~> 3.1)
      erubis (~> 2.7.0)
      rails-dom-testing (~> 1.0, >= 1.0.5)
      rails-html-sanitizer (~> 1.0, >= 1.0.1)
    activejob (4.2.0)
      activesupport (= 4.2.0)
      globalid (>= 0.3.0)
    activemodel (4.2.0)
      activesupport (= 4.2.0)
      builder (~> 3.1)
    activerecord (4.2.0)
      activemodel (= 4.2.0)
      activesupport (= 4.2.0)
      arel (~> 6.0)
    activesupport (4.2.0)
      i18n (~> 0.7)
      json (~> 1.7, >= 1.7.7)
      minitest (~> 5.1)
      thread_safe (~> 0.3, >= 0.3.4)
      tzinfo (~> 1.1)
    addressable (2.3.7)
    annotate (2.6.8)
      activerecord (>= 3.2, <= 4.3)
      rake (~> 10.4)
    arel (6.0.0)
    bcrypt-ruby (3.0.0)
    better_errors (2.1.1)
      coderay (>= 1.0.0)
      erubis (>= 2.6.6)
      rack (>= 0.9.0)
    binding_of_caller (0.7.2)
      debug_inspector (>= 0.0.1)
    bitcoin-ruby (0.0.6)
    bootstrap-sass (2.3.0.1)
      sass (~> 3.2)
    bootstrap-will_paginate (0.0.9)
      will_paginate
    builder (3.2.2)
    byebug (4.0.1)
      columnize (= 0.9.0)
      rb-readline (= 0.5.2)
    capybara (2.4.4)
      mime-types (>= 1.16)
      nokogiri (>= 1.3.3)
      rack (>= 1.0.0)
      rack-test (>= 0.5.4)
      xpath (~> 2.0)
    celluloid (0.16.0)
      timers (~> 4.0.0)
    childprocess (0.3.6)
      ffi (~> 1.0, >= 1.0.6)
    climate_control (0.0.3)
      activesupport (>= 3.0)
    cocaine (0.5.7)
      climate_control (>= 0.0.3, < 1.0)
    coderay (1.1.0)
    coffee-rails (4.1.0)
      coffee-script (>= 2.2.0)
      railties (>= 4.0.0, < 5.0)
    coffee-script (2.3.0)
      coffee-script-source
      execjs
    coffee-script-source (1.9.1)
    columnize (0.9.0)
    cucumber (1.3.19)
      builder (>= 2.1.2)
      diff-lcs (>= 1.1.3)
      gherkin (~> 2.12)
      multi_json (>= 1.7.5, < 2.0)
      multi_test (>= 0.1.2)
    cucumber-rails (1.3.0)
      capybara (>= 1.1.2)
      cucumber (>= 1.1.8)
      nokogiri (>= 1.5.0)
    database_cleaner (1.0.1)
    debug_inspector (0.0.2)
    diff-lcs (1.2.5)
    erubis (2.7.0)
    execjs (2.4.0)
    factory_girl (4.2.0)
      activesupport (>= 3.0.0)
    factory_girl_rails (4.2.0)
      factory_girl (~> 4.2.0)
      railties (>= 3.0.0)
    faker (1.1.2)
      i18n (~> 0.5)
    ffi (1.9.8)
    formatador (0.2.5)
    gherkin (2.12.2)
      multi_json (~> 1.3)
    globalid (0.3.3)
      activesupport (>= 4.1.0)
    gon (5.2.3)
      actionpack (>= 2.3.0)
      json
      multi_json
      request_store (>= 1.0.5)
    growl (1.0.3)
    guard (2.12.5)
      formatador (>= 0.2.4)
      listen (~> 2.7)
      lumberjack (~> 1.0)
      nenv (~> 0.1)
      notiffany (~> 0.0)
      pry (>= 0.9.12)
      shellany (~> 0.0)
      thor (>= 0.18.1)
    guard-compat (1.2.1)
    guard-rspec (4.5.0)
      guard (~> 2.1)
      guard-compat (~> 1.1)
      rspec (>= 2.99.0, < 4.0)
    guard-spork (2.1.0)
      childprocess (>= 0.2.3)
      guard (~> 2.0)
      guard-compat (~> 1.0)
      spork (>= 0.8.4)
    hike (1.2.3)
    hitimes (1.2.2)
    i18n (0.7.0)
    jbuilder (1.5.3)
      activesupport (>= 3.0.0)
      multi_json (>= 1.2.0)
    jquery-fileupload-rails (0.4.4)
      actionpack (>= 3.1)
      railties (>= 3.1)
      sass (>= 3.2)
    jquery-rails (4.0.3)
      rails-dom-testing (~> 1.0)
      railties (>= 4.2.0)
      thor (>= 0.14, < 2.0)
    jquery-ui-rails (5.0.3)
      railties (>= 3.2.16)
    json (1.8.2)
    launchy (2.2.0)
      addressable (~> 2.3)
    libnotify (0.8.0)
      ffi (>= 1.0.11)
    libv8 (3.16.14.7)
    listen (2.9.0)
      celluloid (>= 0.15.2)
      rb-fsevent (>= 0.9.3)
      rb-inotify (>= 0.9)
    loofah (2.0.1)
      nokogiri (>= 1.5.9)
    lumberjack (1.0.9)
    mail (2.6.3)
      mime-types (>= 1.16, < 3)
    method_source (0.8.2)
    mime-types (2.4.3)
    mini_portile (0.6.2)
    minitest (5.5.1)
    multi_json (1.11.0)
    multi_test (0.1.2)
    nenv (0.2.0)
    nokogiri (1.6.6.2)
      mini_portile (~> 0.6.0)
    notiffany (0.0.6)
      nenv (~> 0.1)
      shellany (~> 0.0)
    paperclip (4.2.1)
      activemodel (>= 3.0.0)
      activesupport (>= 3.0.0)
      cocaine (~> 0.5.3)
      mime-types
    pg (0.15.1)
    pry (0.10.1)
      coderay (~> 1.1.0)
      method_source (~> 0.8.1)
      slop (~> 3.4)
    pry-byebug (3.1.0)
      byebug (~> 4.0)
      pry (~> 0.10)
    pry-rails (0.3.3)
      pry (>= 0.9.10)
    quiet_assets (1.0.3)
      railties (>= 3.1, < 5.0)
    rack (1.6.0)
    rack-test (0.6.3)
      rack (>= 1.0)
    rails (4.2.0)
      actionmailer (= 4.2.0)
      actionpack (= 4.2.0)
      actionview (= 4.2.0)
      activejob (= 4.2.0)
      activemodel (= 4.2.0)
      activerecord (= 4.2.0)
      activesupport (= 4.2.0)
      bundler (>= 1.3.0, < 2.0)
      railties (= 4.2.0)
      sprockets-rails
    rails-deprecated_sanitizer (1.0.3)
      activesupport (>= 4.2.0.alpha)
    rails-dom-testing (1.0.5)
      activesupport (>= 4.2.0.beta, < 5.0)
      nokogiri (~> 1.6.0)
      rails-deprecated_sanitizer (>= 1.0.1)
    rails-html-sanitizer (1.0.2)
      loofah (~> 2.0)
    rails_12factor (0.0.3)
      rails_serve_static_assets
      rails_stdout_logging
    rails_serve_static_assets (0.0.4)
    rails_stdout_logging (0.0.3)
    railties (4.2.0)
      actionpack (= 4.2.0)
      activesupport (= 4.2.0)
      rake (>= 0.8.7)
      thor (>= 0.18.1, < 2.0)
    rake (10.4.2)
    rb-fsevent (0.9.3)
    rb-inotify (0.9.0)
      ffi (>= 0.5.0)
    rb-readline (0.5.2)
    ref (1.0.5)
    request_store (1.1.0)
    rqrcode (0.4.2)
    rqrcode-rails3 (0.1.7)
      rqrcode (>= 0.4.2)
    rspec (3.2.0)
      rspec-core (~> 3.2.0)
      rspec-expectations (~> 3.2.0)
      rspec-mocks (~> 3.2.0)
    rspec-core (3.2.2)
      rspec-support (~> 3.2.0)
    rspec-expectations (3.2.0)
      diff-lcs (>= 1.2.0, < 2.0)
      rspec-support (~> 3.2.0)
    rspec-mocks (3.2.1)
      diff-lcs (>= 1.2.0, < 2.0)
      rspec-support (~> 3.2.0)
    rspec-rails (3.2.1)
      actionpack (>= 3.0, < 4.3)
      activesupport (>= 3.0, < 4.3)
      railties (>= 3.0, < 4.3)
      rspec-core (~> 3.2.0)
      rspec-expectations (~> 3.2.0)
      rspec-mocks (~> 3.2.0)
      rspec-support (~> 3.2.0)
    rspec-support (3.2.2)
    rubyzip (0.9.9)
    sass (3.2.19)
    sass-rails (4.0.3)
      railties (>= 4.0.0, < 5.0)
      sass (~> 3.2.0)
      sprockets (~> 2.8, <= 2.11.0)
      sprockets-rails (~> 2.0)
    selenium-webdriver (2.35.1)
      childprocess (>= 0.2.5)
      multi_json (~> 1.0)
      rubyzip (< 1.0.0)
      websocket (~> 1.0.4)
    shellany (0.0.1)
    slim (3.0.3)
      temple (~> 0.7.3)
      tilt (>= 1.3.3, < 2.1)
    slop (3.6.0)
    spork (1.0.0rc4)
    sprockets (2.11.0)
      hike (~> 1.2)
      multi_json (~> 1.0)
      rack (~> 1.0)
      tilt (~> 1.1, != 1.3.0)
    sprockets-rails (2.2.4)
      actionpack (>= 3.0)
      activesupport (>= 3.0)
      sprockets (>= 2.8, < 4.0)
    sqlite3 (1.3.10)
    temple (0.7.5)
    therubyracer (0.12.1)
      libv8 (~> 3.16.14.0)
      ref
    thor (0.19.1)
    thread_safe (0.3.5)
    tilt (1.4.1)
    timers (4.0.1)
      hitimes
    twitter-bootstrap-rails (3.2.0)
      actionpack (~> 4.1)
      execjs (~> 2.2)
      rails (~> 4.1)
      railties (~> 4.1)
    tzinfo (1.2.2)
      thread_safe (~> 0.1)
    uglifier (2.7.1)
      execjs (>= 0.3.0)
      json (>= 1.8.0)
    websocket (1.0.7)
    will_paginate (3.0.4)
    xpath (2.0.0)
      nokogiri (~> 1.3)

PLATFORMS
  ruby

DEPENDENCIES
  annotate (>= 2.5.0)
  bcrypt-ruby (= 3.0.0)
  better_errors
  binding_of_caller
  bitcoin-ruby
  bootstrap-sass (= 2.3.0.1)
  bootstrap-will_paginate (= 0.0.9)
  capybara
  childprocess (= 0.3.6)
  coffee-rails
  cucumber-rails (= 1.3.0)
  database_cleaner (~> 1.0.0.RC1)
  factory_girl_rails (= 4.2.0)
  faker (= 1.1.2)
  ffi
  gon
  growl (= 1.0.3)
  guard-rspec
  guard-spork
  jbuilder (~> 1.2)
  jquery-fileupload-rails
  jquery-rails
  jquery-ui-rails
  launchy (= 2.2.0)
  libnotify (= 0.8.0)
  paperclip
  pg (= 0.15.1)
  pry-byebug
  pry-rails
  quiet_assets (~> 1.0.3)
  rails (= 4.2.0)
  rails_12factor
  rails_log_stdout!
  rb-fsevent (= 0.9.3)
  rb-inotify (= 0.9.0)
  rb-readline (~> 0.5.0)
  rqrcode-rails3
  rspec-rails
  sass-rails (= 4.0.3)
  selenium-webdriver (= 2.35.1)
  slim
  spork-rails!
  sqlite3
  therubyracer
  twitter-bootstrap-rails
  uglifier (>= 1.3.0)
  will_paginate (= 3.0.4)
